GEM
  remote: https://rubygems.org/
  specs:
    activemodel (5.0.0.1)
      activesupport (= 5.0.0.1)
    activerecord (5.0.0.1)
      activemodel (= 5.0.0.1)
      activesupport (= 5.0.0.1)
      arel (~> 7.0)
    activesupport (5.0.0.1)
      concurrent-ruby (~> 1.0, >= 1.0.2)
      i18n (~> 0.7)
      minitest (~> 5.1)
      tzinfo (~> 1.1)
    arel (7.1.4)
    awesome_print (1.7.0)
    byebug (9.0.6)
    concurrent-ruby (1.0.2)
    i18n (0.7.0)
    minitest (5.9.1)
    pg (0.19.0)
    thread_safe (0.3.5)
    tzinfo (1.2.2)
      thread_safe (~> 0.1)

PLATFORMS
  ruby

DEPENDENCIES
  activerecord (~> 5.0.0, >= 5.0.0.1)
  awesome_print
  byebug (~> 9.0.6)
  minitest (~> 5.9)
  pg (~> 0.19)

RUBY VERSION
   ruby 2.3.1p112

BUNDLED WITH
   1.12.5
